GEM
  remote: https://rubygems.org/
  specs:
    ansi (1.4.3)
    builder (3.1.4)
    hashie (1.2.0)
    minitest (4.3.1)
    minitest-reporters (0.12.2)
      ansi
      builder
      minitest (>= 2.12, < 5.0)
      powerbar
    powerbar (1.0.11)
      ansi (~> 1.4.0)
      hashie (>= 1.1.0)
    rack (1.4.1)
    rack-protection (1.3.2)
      rack
    sinatra (1.3.3)
      rack (~> 1.3, >= 1.3.6)
      rack-protection (~> 1.2)
      tilt (~> 1.3, >= 1.3.3)
    tilt (1.3.3)

PLATFORMS
  ruby

DEPENDENCIES
  minitest-reporters
  sinatra
